GEM
  remote: https://rubygems.org/
  specs:

PLATFORMS
  x86_64-darwin-23

DEPENDENCIES

BUNDLED WITH
   2.4.12
